GEM
  remote: http://rubygems.org/
  specs:
    activemodel (3.0.5)
      activesupport (= 3.0.5)
      builder (~> 2.1.2)
      i18n (~> 0.4)
    activerecord (3.0.5)
      activemodel (= 3.0.5)
      activesupport (= 3.0.5)
      arel (~> 2.0.2)
      tzinfo (~> 0.3.23)
    activesupport (3.0.5)
    arel (2.0.9)
    builder (2.1.2)
    haml (3.0.25)
    i18n (0.5.0)
    rack (1.2.2)
    shotgun (0.9)
      rack (>= 1.0)
    sinatra (1.2.1)
      rack (~> 1.1)
      tilt (< 2.0, >= 1.2.2)
    sinatra-session (1.0.0)
      sinatra (>= 1.0)
    sqlite3 (1.3.3)
    tilt (1.2.2)
    tzinfo (0.3.25)

PLATFORMS
  ruby

DEPENDENCIES
  activerecord (~> 3.0)
  haml (~> 3.0)
  shotgun
  sinatra (~> 1.2)
  sinatra-session (~> 1.0)
  sqlite3 (~> 1.3)
